STORAGE: NONE
LOWEST_MATCHING: TRUE
NUGET
  remote: https://api.nuget.org/v3/index.json
    Fable.Browser.Blob (1.4) - restriction: >= netstandard2.0
      Fable.Core (>= 3.2.8) - restriction: >= netstandard2.0
      FSharp.Core (>= 4.7.2) - restriction: >= netstandard2.0
    Fable.Browser.Dom (2.4.4)
      Fable.Browser.Blob (>= 1.1.4) - restriction: >= netstandard2.0
      Fable.Browser.Event (>= 1.4.4) - restriction: >= netstandard2.0
      Fable.Browser.WebStorage (>= 1.0.4) - restriction: >= netstandard2.0
      Fable.Core (>= 3.0) - restriction: >= netstandard2.0
      FSharp.Core (>= 4.7.2) - restriction: >= netstandard2.0
    Fable.Browser.Event (1.7) - restriction: >= netstandard2.0
      Fable.Browser.Gamepad (>= 1.3) - restriction: >= netstandard2.0
      Fable.Core (>= 3.2.8) - restriction: >= netstandard2.0
      FSharp.Core (>= 4.7.2) - restriction: >= netstandard2.0
    Fable.Browser.Gamepad (1.3) - restriction: >= netstandard2.0
      Fable.Core (>= 3.2.8) - restriction: >= netstandard2.0
      FSharp.Core (>= 4.7.2) - restriction: >= netstandard2.0
    Fable.Browser.WebStorage (1.3) - restriction: >= netstandard2.0
      Fable.Browser.Event (>= 1.6) - restriction: >= netstandard2.0
      Fable.Core (>= 3.2.8) - restriction: >= netstandard2.0
      FSharp.Core (>= 4.7.2) - restriction: >= netstandard2.0
    Fable.Core (3.7.1)
    Fable.Elmish (4.2) - restriction: >= netstandard2.0
      Fable.Core (>= 3.7.1) - restriction: >= netstandard2.0
      FSharp.Core (>= 4.7.2) - restriction: >= netstandard2.0
    Fable.Elmish.React (4.0.0-beta-4)
      Fable.Elmish (>= 4.0.0-beta-5) - restriction: >= netstandard2.0
      Fable.ReactDom.Types (>= 18.0) - restriction: >= netstandard2.0
      FSharp.Core (>= 4.7.2) - restriction: >= netstandard2.0
    Fable.Import.Browser (1.4) - restriction: >= netstandard2.0
      Fable.Core (>= 1.3.17) - restriction: >= netstandard1.6
    Fable.Mocha (1.0)
      Fable.Core (>= 3.0) - restriction: >= netstandard2.0
      FSharp.Core (>= 4.6.2) - restriction: >= netstandard2.0
    Fable.Promise (3.1)
      Fable.Core (>= 3.1.5) - restriction: >= netstandard2.0
      FSharp.Core (>= 4.7.2) - restriction: >= netstandard2.0
    Fable.React.Types (18.1)
      Fable.Browser.Dom (>= 2.4.4) - restriction: >= netstandard2.0
      Fable.Core (>= 3.2.7) - restriction: >= netstandard2.0
      FSharp.Core (>= 4.7.2) - restriction: >= netstandard2.0
    Fable.ReactDom.Types (18.0) - restriction: >= netstandard2.0
      Fable.React.Types (>= 18.1) - restriction: >= netstandard2.0
      FSharp.Core (>= 4.7.2) - restriction: >= netstandard2.0
    Fable.SimpleHttp (0.1)
      Fable.Core (>= 2.0.1) - restriction: >= netstandard2.0
      Fable.Import.Browser (>= 1.3) - restriction: >= netstandard2.0
      FSharp.Core (>= 4.5.2) - restriction: >= netstandard2.0
    FSharp.Core (4.7.2)
    Zanaptak.TypedCssClasses (0.0.1)
      FSharp.Core (>= 4.3.4) - restriction: >= netstandard2.0

GROUP Build
RESTRICTION: >= net45
NUGET
  remote: https://api.nuget.org/v3/index.json
    FAKE (4.64.18)

GROUP WebSharper
STORAGE: NONE
STRATEGY: MIN
RESTRICTION: || (== net6.0) (== netstandard2.0)
NUGET
  remote: https://api.nuget.org/v3/index.json
    Fable.Browser.Blob (1.3)
      Fable.Core (>= 3.0)
      FSharp.Core (>= 4.7.2)
    Fable.Browser.Dom (2.14)
      Fable.Browser.Blob (>= 1.3)
      Fable.Browser.Event (>= 1.5)
      Fable.Browser.WebStorage (>= 1.2)
      Fable.Core (>= 3.2.8)
      FSharp.Core (>= 4.7.2)
    Fable.Browser.Event (1.5)
      Fable.Browser.Gamepad (>= 1.1)
      Fable.Core (>= 3.0)
      FSharp.Core (>= 4.7.2)
    Fable.Browser.Gamepad (1.1)
      Fable.Core (>= 3.0)
      FSharp.Core (>= 4.7.2)
    Fable.Browser.MediaQueryList (1.4)
      Fable.Browser.Dom (>= 2.11)
      Fable.Browser.Event (>= 1.5)
      Fable.Core (>= 3.0)
      FSharp.Core (>= 4.7.2)
    Fable.Browser.WebStorage (1.2)
      Fable.Browser.Event (>= 1.5)
      Fable.Core (>= 3.0)
      FSharp.Core (>= 4.7.2)
    Fable.Core (4.0)
    Fable.Elmish (4.0.2)
      Fable.Core (>= 3.7.1)
      FSharp.Core (>= 4.7.2)
    Fable.Mocha (2.17)
      Fable.Core (>= 3.0)
      FSharp.Core (>= 4.7)
    Fable.Promise (3.2)
      Fable.Core (>= 3.7.1)
      FSharp.Core (>= 4.7.2)
    Fable.React.Types (18.4)
      Fable.Browser.Dom (>= 2.4.4)
      Fable.Core (>= 3.2.7)
      FSharp.Core (>= 4.7.2)
    FSharp.Core (6.0.7)
    System.Reflection.Emit.ILGeneration (4.7) - restriction: || (&& (== net6.0) (< netcoreapp2.0) (< netstandard2.1)) (&& (== net6.0) (< netstandard2.0)) (&& (== net6.0) (< portable-net45+wp8)) (&& (== net6.0) (>= uap10.1)) (== netstandard2.0)
    System.Reflection.Emit.Lightweight (4.7)
      System.Reflection.Emit.ILGeneration (>= 4.7) - restriction: || (&& (== net6.0) (< netcoreapp2.0) (< netstandard2.1)) (&& (== net6.0) (< netstandard2.0)) (&& (== net6.0) (< portable-net45+wp8)) (&& (== net6.0) (>= uap10.1)) (== netstandard2.0)
    WebSharper (8.0.0.525-rc2)
      FSharp.Core (>= 6.0)
      System.Reflection.Emit.Lightweight (>= 4.7)
    WebSharper.Fable.Elmish (4.0.2.454-beta1)
      FSharp.Core (>= 6.0.7)
      WebSharper (>= 7.0.6.454-beta5)
      WebSharper.FSharp (>= 7.0.6.454-beta5)
    WebSharper.FSharp (8.0.0.525-rc2)
      WebSharper (8.0.0.525-rc2)
  remote: ../localnuget
    WebSharper.Browser.Dom (8.0.0.429-rc2)
      Fable.Browser.Dom (2.14)
      WebSharper (>= 8.0 < 8.1)
    WebSharper.Browser.Event (8.0.0.429-rc2)
      Fable.Browser.Event (1.5)
      WebSharper (>= 8.0 < 8.1)
    WebSharper.Browser.MediaQueryList (8.0.0.429-rc2)
      Fable.Browser.MediaQueryList (1.4)
      WebSharper (>= 8.0 < 8.1)
    WebSharper.Fable.Core (8.0.0.429-rc2)
      Fable.Core (>= 4.0)
      WebSharper (>= 8.0 < 8.1)
    WebSharper.Fable.Mocha (8.0.0.444-rc2)
      Fable.Mocha (2.17)
      WebSharper (>= 8.0 < 8.1)
    WebSharper.React (8.0.0.530-rc2)
      WebSharper (>= 8.0 < 8.1)

GROUP wsbuild

GIT
  remote: https://github.com/dotnet-websharper/build-script
     (a7b506f18c67bb036a16a9adee507c44aa9e5bbc)